GEM
  remote: https://rubygems.org/
  specs:
    actionmailer (3.2.11)
      actionpack (= 3.2.11)
      mail (~> 2.4.4)
    actionpack (3.2.11)
      activemodel (= 3.2.11)
      activesupport (= 3.2.11)
      builder (~> 3.0.0)
      erubis (~> 2.7.0)
      journey (~> 1.0.4)
      rack (~> 1.4.0)
      rack-cache (~> 1.2)
      rack-test (~> 0.6.1)
      sprockets (~> 2.2.1)
    activemodel (3.2.11)
      activesupport (= 3.2.11)
      builder (~> 3.0.0)
    activerecord (3.2.11)
      activemodel (= 3.2.11)
      activesupport (= 3.2.11)
      arel (~> 3.0.2)
      tzinfo (~> 0.3.29)
    activeresource (3.2.11)
      activemodel (= 3.2.11)
      activesupport (= 3.2.11)
    activesupport (3.2.11)
      i18n (~> 0.6)
      multi_json (~> 1.0)
    addressable (2.3.2)
    arel (3.0.2)
    bcrypt-ruby (3.0.1)
    bluecloth (2.2.0)
    builder (3.0.4)
    capybara (1.1.3)
      mime-types (>= 1.16)
      nokogiri (>= 1.3.3)
      rack (>= 1.0.0)
      rack-test (>= 0.5.4)
      selenium-webdriver (~> 2.0)
      xpath (~> 0.1.4)
    childprocess (0.3.6)
      ffi (~> 1.0, >= 1.0.6)
    coffee-rails (3.2.2)
      coffee-script (>= 2.2.0)
      railties (~> 3.2.0)
    coffee-script (2.2.0)
      coffee-script-source
      execjs
    coffee-script-source (1.3.3)
    commonjs (0.2.6)
    crack (0.3.1)
    daemons (1.1.8)
    dalli (2.1.0)
    devise (2.0.4)
      bcrypt-ruby (~> 3.0)
      orm_adapter (~> 0.0.3)
      railties (~> 3.1)
      warden (~> 1.1.1)
    erubis (2.7.0)
    eventmachine (0.12.10)
    execjs (1.3.2)
      multi_json (~> 1.0)
    faraday (0.8.1)
      multipart-post (~> 1.1)
    ffi (1.1.5)
    foreman (0.60.2)
      thor (>= 0.13.6)
    hashie (1.2.0)
    hike (1.2.1)
    httparty (0.10.0)
      multi_json (~> 1.0)
      multi_xml
    httpauth (0.1)
    i18n (0.6.1)
    journey (1.0.4)
    jquery-rails (2.0.2)
      railties (>= 3.2.0, < 5.0)
      thor (~> 0.14)
    json (1.7.6)
    kgio (2.7.4)
    launchy (2.1.2)
      addressable (~> 2.3)
    less (2.0.12)
      commonjs (~> 0.2.0)
      therubyracer (~> 0.9.9)
    less-rails (2.1.8)
      actionpack (>= 3.1)
      less (~> 2.0.7)
    libv8 (3.3.10.4)
    libwebsocket (0.1.5)
      addressable
    mail (2.4.4)
      i18n (>= 0.4.0)
      mime-types (~> 1.16)
      treetop (~> 1.4.8)
    mail_view (1.0.2)
    metaclass (0.0.1)
    mime-types (1.19)
    mocha (0.13.1)
      metaclass (~> 0.0.1)
    multi_json (1.5.0)
    multi_xml (0.5.2)
    multipart-post (1.1.5)
    nokogiri (1.5.5)
    oauth2 (0.6.1)
      faraday (~> 0.7)
      httpauth (~> 0.1)
      multi_json (~> 1.3)
    omniauth (1.1.0)
      hashie (~> 1.2)
      rack
    omniauth-github (1.0.1)
      omniauth (~> 1.0)
      omniauth-oauth2 (~> 1.0)
    omniauth-oauth2 (1.0.2)
      oauth2 (~> 0.6.0)
      omniauth (~> 1.0)
    orm_adapter (0.0.7)
    pg (0.13.2)
    polyglot (0.3.3)
    quiet_assets (1.0.1)
      railties (~> 3.1)
    rack (1.4.5)
    rack-cache (1.2)
      rack (>= 0.4)
    rack-protection (1.2.0)
      rack
    rack-ssl (1.3.2)
      rack
    rack-test (0.6.2)
      rack (>= 1.0)
    rails (3.2.11)
      actionmailer (= 3.2.11)
      actionpack (= 3.2.11)
      activerecord (= 3.2.11)
      activeresource (= 3.2.11)
      activesupport (= 3.2.11)
      bundler (~> 1.0)
      railties (= 3.2.11)
    rails_autolink (1.0.9)
      rails (~> 3.1)
    railties (3.2.11)
      actionpack (= 3.2.11)
      activesupport (= 3.2.11)
      rack-ssl (~> 1.3.2)
      rake (>= 0.8.7)
      rdoc (~> 3.4)
      thor (>= 0.14.6, < 2.0)
    raindrops (0.9.0)
    rake (10.0.3)
    rdoc (3.12)
      json (~> 1.4)
    redis (2.2.2)
    redis-namespace (1.0.3)
      redis (< 3.0.0)
    resque (1.20.0)
      multi_json (~> 1.0)
      redis-namespace (~> 1.0.2)
      sinatra (>= 0.9.2)
      vegas (~> 0.1.2)
    rubyzip (0.9.9)
    sass (3.1.18)
    sass-rails (3.2.5)
      railties (~> 3.2.0)
      sass (>= 3.1.10)
      tilt (~> 1.3)
    selenium-webdriver (2.26.0)
      childprocess (>= 0.2.5)
      libwebsocket (~> 0.1.3)
      multi_json (~> 1.0)
      rubyzip
    sextant (0.2.2)
      activesupport (>= 3.2)
      rails (>= 3.2)
    shoulda (3.3.2)
      shoulda-context (~> 1.0.1)
      shoulda-matchers (~> 1.4.1)
    shoulda-context (1.0.1)
    shoulda-matchers (1.4.1)
      activesupport (>= 3.0.0)
    simplecov (0.6.4)
      multi_json (~> 1.0)
      simplecov-html (~> 0.5.3)
    simplecov-html (0.5.3)
    sinatra (1.3.2)
      rack (~> 1.3, >= 1.3.6)
      rack-protection (~> 1.2)
      tilt (~> 1.3, >= 1.3.3)
    sprockets (2.2.2)
      hike (~> 1.2)
      multi_json (~> 1.0)
      rack (~> 1.0)
      tilt (~> 1.1, != 1.3.0)
    therubyracer (0.9.10)
      libv8 (~> 3.3.10)
    thin (1.4.1)
      daemons (>= 1.0.9)
      eventmachine (>= 0.12.6)
      rack (>= 1.0.0)
    thor (0.16.0)
    tilt (1.3.3)
    treetop (1.4.12)
      polyglot
      polyglot (>= 0.3.1)
    twitter-bootstrap-rails (2.0.1)
      actionpack (>= 3.1)
      less-rails (~> 2.1.5)
      railties (>= 3.1)
    tzinfo (0.3.35)
    uglifier (1.2.4)
      execjs (>= 0.3.0)
      multi_json (>= 1.0.2)
    unicorn (4.2.1)
      kgio (~> 2.6)
      rack
      raindrops (~> 0.7)
    vcr (2.3.0)
    vegas (0.1.11)
      rack (>= 1.0.0)
    warden (1.1.1)
      rack (>= 1.0)
    webmock (1.9.0)
      addressable (>= 2.2.7)
      crack (>= 0.1.7)
    wicked (0.3.1)
      activesupport (>= 3.0.7)
      rails (>= 3.0.7)
    will_paginate (3.0.3)
    xpath (0.1.4)
      nokogiri (~> 1.3)

PLATFORMS
  ruby

DEPENDENCIES
  bluecloth
  capybara
  coffee-rails (~> 3.2.1)
  dalli
  devise (~> 2.0.4)
  foreman
  httparty
  jquery-rails
  launchy
  mail_view (~> 1.0.2)
  mocha
  omniauth-github
  pg
  quiet_assets
  rails (= 3.2.11)
  rails_autolink
  resque
  sass-rails (~> 3.2.3)
  sextant
  shoulda
  simplecov
  thin
  twitter-bootstrap-rails (~> 2.0.1.0)
  uglifier (>= 1.0.3)
  unicorn
  vcr
  webmock
  wicked
  will_paginate
