GIT
  remote: https://github.com/schneems/sassc-rails.git
  revision: d69fda199d3f9ddd18b337137dd5bc057bc6a22a
  branch: schneems/sprockets4
  specs:
    sassc-rails (1.2.1)
      railties (>= 4.0.0)
      sass
      sassc (~> 1.9)
      sprockets (> 2.11)
      sprockets-rails
      tilt

GEM
  remote: https://rubygems.org/
  specs:
    actioncable (5.0.1.rc2)
      actionpack (= 5.0.1.rc2)
      nio4r (~> 1.2)
      websocket-driver (~> 0.6.1)
    actionmailer (5.0.1.rc2)
      actionpack (= 5.0.1.rc2)
      actionview (= 5.0.1.rc2)
      activejob (= 5.0.1.rc2)
      mail (~> 2.5, >= 2.5.4)
      rails-dom-testing (~> 2.0)
    actionpack (5.0.1.rc2)
      actionview (= 5.0.1.rc2)
      activesupport (= 5.0.1.rc2)
      rack (~> 2.0)
      rack-test (~> 0.6.3)
      rails-dom-testing (~> 2.0)
      rails-html-sanitizer (~> 1.0, >= 1.0.2)
    actionview (5.0.1.rc2)
      activesupport (= 5.0.1.rc2)
      builder (~> 3.1)
      erubis (~> 2.7.0)
      rails-dom-testing (~> 2.0)
      rails-html-sanitizer (~> 1.0, >= 1.0.2)
    activejob (5.0.1.rc2)
      activesupport (= 5.0.1.rc2)
      globalid (>= 0.3.6)
    activemodel (5.0.1.rc2)
      activesupport (= 5.0.1.rc2)
    activerecord (5.0.1.rc2)
      activemodel (= 5.0.1.rc2)
      activesupport (= 5.0.1.rc2)
      arel (~> 7.0)
    activesupport (5.0.1.rc2)
      concurrent-ruby (~> 1.0, >= 1.0.2)
      i18n (~> 0.7)
      minitest (~> 5.1)
      tzinfo (~> 1.1)
    addressable (2.3.8)
    arel (7.1.4)
    autoprefixer-rails (6.3.6.1)
      execjs
    aws-sdk (2.1.30)
      aws-sdk-resources (= 2.1.30)
    aws-sdk-core (2.1.30)
      jmespath (~> 1.0)
    aws-sdk-resources (2.1.30)
      aws-sdk-core (= 2.1.30)
    babel-source (5.8.35)
    babel-transpiler (0.7.0)
      babel-source (>= 4.0, < 6)
      execjs (~> 2.0)
    bcrypt (3.1.11)
    benchmark-ips (2.3.0)
    bluecloth (2.2.0)
    bootsnap (0.3.0)
      msgpack (~> 1.0)
    bourbon (4.2.5)
      sass (~> 3.4)
      thor (~> 0.19)
    builder (3.2.2)
    bullet (5.0.0)
      activesupport (>= 3.0.0)
      uniform_notifier (~> 1.9.0)
    capybara (2.6.2)
      addressable
      mime-types (>= 1.16)
      nokogiri (>= 1.3.3)
      rack (>= 1.0.0)
      rack-test (>= 0.5.4)
      xpath (~> 2.0)
    coffee-rails (4.2.1)
      coffee-script (>= 2.2.0)
      railties (>= 4.0.0, < 5.2.x)
    coffee-script (2.4.1)
      coffee-script-source
      execjs
    coffee-script-source (1.12.2)
    concurrent-ruby (1.0.3)
    connection_pool (2.2.0)
    crack (0.4.2)
      safe_yaml (~> 1.0.0)
    dalli (2.7.4)
    debug_inspector (0.0.2)
    derailed_benchmarks (1.3.0)
      benchmark-ips (~> 2)
      get_process_mem (~> 0)
      heapy (~> 0)
      memory_profiler (~> 0)
      rack (>= 1)
      rake (~> 10)
      thor (~> 0.19)
    devise (4.0.0.rc1)
      bcrypt (~> 3.0)
      orm_adapter (~> 0.1)
      railties (>= 4.1.0, < 5.1)
      responders
      warden (~> 1.2.3)
    diff-lcs (1.3)
    docile (1.1.5)
    dotenv (2.1.0)
    dotenv-rails (2.1.0)
      dotenv (= 2.1.0)
      railties (>= 4.0, < 5.1)
    erubis (2.7.0)
    excon (0.45.4)
    execjs (2.7.0)
    faker (1.7.3)
      i18n (~> 0.5)
    faraday (0.9.2)
      multipart-post (>= 1.2, < 3)
    ffi (1.9.10)
    foreman (0.78.0)
      thor (~> 0.19.1)
    get_process_mem (0.2.0)
    git_hub_bub (0.0.6)
      excon
      rrrretry
    globalid (0.3.7)
      activesupport (>= 4.1.0)
    hashie (3.4.3)
    heapy (0.1.2)
    hey_you (0.1.1)
    i18n (0.7.0)
    jmespath (1.1.3)
    jquery-rails (4.1.1)
      rails-dom-testing (>= 1, < 3)
      railties (>= 4.2.0)
      thor (>= 0.14, < 2.0)
    json (2.0.2)
    jwt (1.5.1)
    kramdown (1.9.0)
    launchy (2.4.3)
      addressable (~> 2.3)
    listen (3.0.6)
      rb-fsevent (>= 0.9.3)
      rb-inotify (>= 0.9.7)
    loofah (2.0.3)
      nokogiri (>= 1.5.9)
    mail (2.6.4)
      mime-types (>= 1.16, < 4)
    mail_view (1.0.3)
      tilt
    maildown (2.0.0)
      kramdown
      rails (>= 4.0.0)
    memory_profiler (0.9.6)
    metaclass (0.0.4)
    method_source (0.8.2)
    mime-types (2.6.2)
    mini_portile2 (2.1.0)
    minitest (5.10.1)
    mocha (1.1.0)
      metaclass (~> 0.0.1)
    msgpack (1.0.0)
    multi_json (1.12.1)
    multi_xml (0.5.5)
    multipart-post (2.0.0)
    neat (1.7.2)
      bourbon (>= 4.0)
      sass (>= 3.3)
    nio4r (1.2.1)
    nokogiri (1.6.8.1)
      mini_portile2 (~> 2.1.0)
    normalize-rails (3.0.3)
    oauth2 (1.1.0)
      faraday (>= 0.8, < 0.10)
      jwt (~> 1.0, < 1.5.2)
      multi_json (~> 1.3)
      multi_xml (~> 0.5)
      rack (>= 1.2, < 3)
    oj (2.18.0)
    omniauth (1.3.1)
      hashie (>= 1.2, < 4)
      rack (>= 1.0, < 3)
    omniauth-github (1.1.2)
      omniauth (~> 1.0)
      omniauth-oauth2 (~> 1.1)
    omniauth-oauth2 (1.3.1)
      oauth2 (~> 1.0)
      omniauth (~> 1.2)
    orm_adapter (0.5.0)
    pg (0.18.3)
    puma (3.8.2)
    rack (2.0.3)
    rack-canonical-host (0.2.2)
      addressable (> 0, < 3)
      rack (>= 1.0.0, < 3)
    rack-mini-profiler (0.10.5)
      rack (>= 1.2.0)
    rack-test (0.6.3)
      rack (>= 1.0)
    rack-timeout (0.3.2)
    rails (5.0.1.rc2)
      actioncable (= 5.0.1.rc2)
      actionmailer (= 5.0.1.rc2)
      actionpack (= 5.0.1.rc2)
      actionview (= 5.0.1.rc2)
      activejob (= 5.0.1.rc2)
      activemodel (= 5.0.1.rc2)
      activerecord (= 5.0.1.rc2)
      activesupport (= 5.0.1.rc2)
      bundler (>= 1.3.0, < 2.0)
      railties (= 5.0.1.rc2)
      sprockets-rails (>= 2.0.0)
    rails-controller-testing (0.0.3)
      rails (>= 4.2)
    rails-dom-testing (2.0.1)
      activesupport (>= 4.2.0, < 6.0)
      nokogiri (~> 1.6.0)
    rails-html-sanitizer (1.0.3)
      loofah (~> 2.0)
    rails_autolink (1.1.6)
      rails (> 3.1)
    railties (5.0.1.rc2)
      actionpack (= 5.0.1.rc2)
      activesupport (= 5.0.1.rc2)
      method_source
      rake (>= 0.8.7)
      thor (>= 0.18.1, < 2.0)
    rake (10.5.0)
    rb-fsevent (0.9.7)
    rb-inotify (0.9.7)
      ffi (>= 0.5.0)
    rbtrace (0.4.8)
      ffi (>= 1.0.6)
      msgpack (>= 0.4.3)
      trollop (>= 1.16.2)
    record_tag_helper (1.0.0)
      actionview (~> 5.x)
    redis (3.2.2)
    responders (2.1.1)
      railties (>= 4.2.0, < 5.1)
    rollbar (2.13.3)
      multi_json
    rrrretry (1.0.0)
    rspec (3.6.0)
      rspec-core (~> 3.6.0)
      rspec-expectations (~> 3.6.0)
      rspec-mocks (~> 3.6.0)
    rspec-core (3.6.0)
      rspec-support (~> 3.6.0)
    rspec-expectations (3.6.0)
      diff-lcs (>= 1.2.0, < 2.0)
      rspec-support (~> 3.6.0)
    rspec-mocks (3.6.0)
      diff-lcs (>= 1.2.0, < 2.0)
      rspec-support (~> 3.6.0)
    rspec-support (3.6.0)
    rusage (0.2.0)
    safe_yaml (1.0.4)
    sass (3.4.19)
    sassc (1.10.0)
      bundler
      ffi (~> 1.9.6)
      sass (>= 3.3.0)
    scout_apm (2.0.0.pre3)
      rusage (~> 0.2.0)
    sidekiq (4.0.2)
      concurrent-ruby (~> 1.0)
      connection_pool (~> 2.2, >= 2.2.0)
      redis (~> 3.2, >= 3.2.1)
    simplecov (0.12.0)
      docile (~> 1.1.0)
      json (>= 1.8, < 3)
      simplecov-html (~> 0.10.0)
    simplecov-html (0.10.0)
    slim (3.0.7)
      temple (~> 0.7.6)
      tilt (>= 1.3.3, < 2.1)
    slim-rails (3.1.0)
      actionpack (>= 3.1)
      railties (>= 3.1)
      slim (~> 3.0)
    spring (2.0.1)
      activesupport (>= 4.2)
    spring-commands-rspec (1.0.4)
      spring (>= 0.9.1)
    spring-watcher-listen (2.0.1)
      listen (>= 2.7, < 4.0)
      spring (>= 1.2, < 3.0)
    sprockets (4.0.0.beta4)
      concurrent-ruby (~> 1.0)
      rack (> 1, < 3)
    sprockets-rails (3.2.0)
      actionpack (>= 4.0)
      activesupport (>= 4.0)
      sprockets (>= 3.0.0)
    stackprof (0.2.9)
    teaspoon (1.1.5)
      railties (>= 3.2.5, < 6)
    temple (0.7.7)
    the_lone_dyno (1.0.0)
      hey_you (~> 0.1.1)
    thor (0.19.4)
    thread_safe (0.3.5)
    tilt (2.0.5)
    trollop (2.1.2)
    tunemygc (1.0.68)
    tzinfo (1.2.2)
      thread_safe (~> 0.1)
    uglifier (2.7.2)
      execjs (>= 0.3.0)
      json (>= 1.8.0)
    uniform_notifier (1.9.0)
    valid_email (0.0.11)
      activemodel
      mail (~> 2.6.1)
    vcr (2.9.3)
    warden (1.2.6)
      rack (>= 1.0)
    web-console (3.1.1)
      activemodel (>= 4.2)
      debug_inspector
      railties (>= 4.2)
    webmock (1.21.0)
      addressable (>= 2.3.6)
      crack (>= 0.3.2)
    websocket-driver (0.6.4)
      websocket-extensions (>= 0.1.0)
    websocket-extensions (0.1.2)
    wicked (1.2.1)
      railties (>= 3.0.7)
    will_paginate (3.1.0)
    xpath (2.0.0)
      nokogiri (~> 1.3)
    yard (0.8.7.3)

PLATFORMS
  ruby

DEPENDENCIES
  autoprefixer-rails (~> 6.3.3)
  aws-sdk (~> 2)
  babel-transpiler
  bluecloth
  bootsnap
  bourbon
  bullet (= 5.0.0)
  capybara (= 2.6.2)
  coffee-rails (~> 4.2.0)
  dalli
  derailed_benchmarks
  devise (= 4.0.0.rc1)
  dotenv-rails (= 2.1.0)
  faker
  foreman
  git_hub_bub
  jquery-rails
  launchy
  listen (~> 3.0.5)
  mail
  mail_view (~> 1.0.2)
  maildown (= 2.0.0)
  mime-types (~> 2.6.1)
  mocha
  neat
  normalize-rails
  oj
  omniauth (= 1.3.1)
  omniauth-github
  pg
  puma (~> 3.x)
  rack-canonical-host
  rack-mini-profiler
  rack-timeout
  rails (= 5.0.1.rc2)
  rails-controller-testing
  rails_autolink
  rbtrace
  record_tag_helper (~> 1.0)
  rollbar
  rrrretry
  rspec
  sassc
  sassc-rails!
  scout_apm (~> 2.0.x)
  sidekiq
  simplecov
  slim-rails
  spring (= 2.0.1)
  spring-commands-rspec
  spring-watcher-listen (~> 2.0.0)
  sprockets (= 4.0.0.beta4)
  sprockets-rails
  stackprof
  teaspoon
  the_lone_dyno
  tunemygc
  uglifier (>= 1.0.3)
  valid_email
  vcr
  warden (= 1.2.6)
  web-console
  webmock
  wicked
  will_paginate (= 3.1.0)
  yard

RUBY VERSION
   ruby 2.4.1p111

BUNDLED WITH
   1.14.6
