GIT
  remote: git://github.com/schneems/puma_auto_tune.git
  revision: d5c145128a37413463acc9055cebc494d91f9bf7
  specs:
    puma_auto_tune (0.0.1)
      get_process_mem (~> 0)
      puma (~> 2.7)

GEM
  remote: https://rubygems.org/
  specs:
    actionmailer (4.0.4.rc1)
      actionpack (= 4.0.4.rc1)
      mail (~> 2.5.4)
    actionpack (4.0.4.rc1)
      activesupport (= 4.0.4.rc1)
      builder (~> 3.1.0)
      erubis (~> 2.7.0)
      rack (~> 1.5.2)
      rack-test (~> 0.6.2)
    activemodel (4.0.4.rc1)
      activesupport (= 4.0.4.rc1)
      builder (~> 3.1.0)
    activerecord (4.0.4.rc1)
      activemodel (= 4.0.4.rc1)
      activerecord-deprecated_finders (~> 1.0.2)
      activesupport (= 4.0.4.rc1)
      arel (~> 4.0.0)
    activerecord-deprecated_finders (1.0.3)
    activesupport (4.0.4.rc1)
      i18n (~> 0.6, >= 0.6.9)
      minitest (~> 4.2)
      multi_json (~> 1.3)
      thread_safe (~> 0.1)
      tzinfo (~> 0.3.37)
    addressable (2.3.5)
    arel (4.0.2)
    atomic (1.1.15)
    bcrypt (3.1.7)
    bcrypt-ruby (3.1.5)
      bcrypt (>= 3.1.3)
    bluecloth (2.2.0)
    builder (3.1.4)
    capybara (2.2.1)
      mime-types (>= 1.16)
      nokogiri (>= 1.3.3)
      rack (>= 1.0.0)
      rack-test (>= 0.5.4)
      xpath (~> 2.0)
    coffee-rails (4.0.1)
      coffee-script (>= 2.2.0)
      railties (>= 4.0.0, < 5.0)
    coffee-script (2.2.0)
      coffee-script-source
      execjs
    coffee-script-source (1.7.0)
    commonjs (0.2.6)
    crack (0.4.1)
      safe_yaml (~> 0.9.0)
    dalli (2.7.0)
    devise (3.0.1)
      bcrypt-ruby (~> 3.0)
      orm_adapter (~> 0.1)
      railties (>= 3.2.6, < 5)
      warden (~> 1.2.3)
    docile (1.1.3)
    dotenv (0.10.0)
    dotenv-rails (0.10.0)
      dotenv (= 0.10.0)
    erubis (2.7.0)
    excon (0.32.0)
    execjs (2.0.2)
    faraday (0.9.0)
      multipart-post (>= 1.2, < 3)
    foreman (0.63.0)
      dotenv (>= 0.7)
      thor (>= 0.13.6)
    get_process_mem (0.0.2)
    git_hub_bub (0.0.2)
      excon
      rrrretry
    hashie (2.0.5)
    hike (1.2.3)
    httparty (0.13.0)
      json (~> 1.8)
      multi_xml (>= 0.5.2)
    i18n (0.6.9)
    jquery-rails (3.1.0)
      railties (>= 3.0, < 5.0)
      thor (>= 0.14, < 2.0)
    json (1.8.1)
    jwt (0.1.11)
      multi_json (>= 1.5)
    kgio (2.9.2)
    kramdown (1.3.2)
    launchy (2.4.2)
      addressable (~> 2.3)
    less (2.5.0)
      commonjs (~> 0.2.7)
    less-rails (2.5.0)
      actionpack (>= 3.1)
      less (~> 2.5.0)
    mail (2.5.4)
      mime-types (~> 1.16)
      treetop (~> 1.4.8)
    mail_view (1.0.3)
      tilt
    maildown (1.0.2)
      kramdown
      rails (>= 4.0.0)
    metaclass (0.0.4)
    mime-types (1.25.1)
    mini_portile (0.5.2)
    minitest (4.7.5)
    mocha (1.0.0)
      metaclass (~> 0.0.1)
    mono_logger (1.1.0)
    multi_json (1.9.0)
    multi_xml (0.5.5)
    multipart-post (2.0.0)
    nokogiri (1.6.1)
      mini_portile (~> 0.5.0)
    oauth2 (0.9.3)
      faraday (>= 0.8, < 0.10)
      jwt (~> 0.1.8)
      multi_json (~> 1.3)
      multi_xml (~> 0.5)
      rack (~> 1.2)
    omniauth (1.2.1)
      hashie (>= 1.2, < 3)
      rack (~> 1.0)
    omniauth-github (1.1.1)
      omniauth (~> 1.0)
      omniauth-oauth2 (~> 1.1)
    omniauth-oauth2 (1.1.2)
      faraday (>= 0.8, < 0.10)
      multi_json (~> 1.3)
      oauth2 (~> 0.9.3)
      omniauth (~> 1.2)
    orm_adapter (0.5.0)
    pg (0.17.1)
    polyglot (0.3.4)
    puma (2.8.1)
      rack (>= 1.1, < 2.0)
    quiet_assets (1.0.2)
      railties (>= 3.1, < 5.0)
    rack (1.5.2)
    rack-protection (1.5.2)
      rack
    rack-test (0.6.2)
      rack (>= 1.0)
    rack-timeout (0.0.4)
    rails (4.0.4.rc1)
      actionmailer (= 4.0.4.rc1)
      actionpack (= 4.0.4.rc1)
      activerecord (= 4.0.4.rc1)
      activesupport (= 4.0.4.rc1)
      bundler (>= 1.3.0, < 2.0)
      railties (= 4.0.4.rc1)
      sprockets-rails (~> 2.0.0)
    rails_12factor (0.0.2)
      rails_serve_static_assets
      rails_stdout_logging
    rails_autolink (1.1.5)
      rails (> 3.1)
    rails_serve_static_assets (0.0.1)
    rails_stdout_logging (0.0.1)
    railties (4.0.4.rc1)
      actionpack (= 4.0.4.rc1)
      activesupport (= 4.0.4.rc1)
      rake (>= 0.8.7)
      thor (>= 0.18.1, < 2.0)
    raindrops (0.13.0)
    rake (10.1.1)
    redis (3.0.7)
    redis-namespace (1.4.1)
      redis (~> 3.0.4)
    resque (1.25.2)
      mono_logger (~> 1.0)
      multi_json (~> 1.0)
      redis-namespace (~> 1.3)
      sinatra (>= 0.9.2)
      vegas (~> 0.1.2)
    resque_def (0.0.3)
      resque
    rrrretry (1.0.0)
    safe_yaml (1.0.1)
    sass (3.3.2)
    sass-rails (4.0.1)
      railties (>= 4.0.0, < 5.0)
      sass (>= 3.1.10)
      sprockets-rails (~> 2.0.0)
    shoulda (3.5.0)
      shoulda-context (~> 1.0, >= 1.0.1)
      shoulda-matchers (>= 1.4.1, < 3.0)
    shoulda-context (1.1.6)
    shoulda-matchers (2.5.0)
      activesupport (>= 3.0.0)
    simplecov (0.8.2)
      docile (~> 1.1.0)
      multi_json
      simplecov-html (~> 0.8.0)
    simplecov-html (0.8.0)
    sinatra (1.4.4)
      rack (~> 1.4)
      rack-protection (~> 1.4)
      tilt (~> 1.3, >= 1.3.4)
    skylight (0.3.3)
      activesupport (>= 3.0.0)
    sprockets (2.11.0)
      hike (~> 1.2)
      multi_json (~> 1.0)
      rack (~> 1.0)
      tilt (~> 1.1, != 1.3.0)
    sprockets-rails (2.0.1)
      actionpack (>= 3.0)
      activesupport (>= 3.0)
      sprockets (~> 2.8)
    sprockets_better_errors (0.0.4)
      sprockets-rails (>= 1.0.0)
    teaspoon (0.7.9)
      railties (>= 3.2.5, < 5)
    thor (0.18.1)
    thread_safe (0.2.0)
      atomic (>= 1.1.7, < 2)
    tilt (1.4.1)
    treetop (1.4.15)
      polyglot
      polyglot (>= 0.3.1)
    tzinfo (0.3.39)
    uglifier (2.4.0)
      execjs (>= 0.3.0)
      json (>= 1.8.0)
    unicorn (4.8.2)
      kgio (~> 2.6)
      rack
      raindrops (~> 0.7)
    vcr (2.8.0)
    vegas (0.1.11)
      rack (>= 1.0.0)
    warden (1.2.3)
      rack (>= 1.0)
    webmock (1.17.4)
      addressable (>= 2.2.7)
      crack (>= 0.3.2)
    wicked (1.0.2)
      rails (>= 3.0.7)
    will_paginate (3.0.5)
    xpath (2.0.0)
      nokogiri (~> 1.3)

PLATFORMS
  ruby

DEPENDENCIES
  bluecloth
  capybara
  coffee-rails (~> 4.0.0)
  dalli
  devise (~> 3.0.0.rc)
  dotenv-rails
  foreman
  git_hub_bub
  httparty
  jquery-rails
  launchy
  less-rails
  mail_view (~> 1.0.2)
  maildown
  mocha
  omniauth-github
  pg
  puma
  puma_auto_tune!
  quiet_assets
  rack-timeout
  rails (= 4.0.4.rc1)
  rails_12factor
  rails_autolink
  resque
  resque_def
  rrrretry
  sass-rails (~> 4.0.0)
  shoulda
  simplecov
  skylight
  sprockets_better_errors
  teaspoon
  uglifier (>= 1.0.3)
  unicorn
  vcr
  webmock
  wicked
  will_paginate
